GEM
  remote: https://rubygems.org/
  specs:
    equatable (0.5.0)
    pastel (0.7.2)
      equatable (~> 0.5.0)
      tty-color (~> 0.4.0)
    tty-color (0.4.2)
    tty-cursor (0.5.0)
    tty-progressbar (0.14.0)
      tty-cursor (~> 0.5.0)
      tty-screen (~> 0.6.4)
    tty-screen (0.6.4)

PLATFORMS
  ruby

DEPENDENCIES
  pastel
  tty-progressbar

BUNDLED WITH
   1.16.1
